GEM
  remote: https://rubygems.org/
  specs:
    ruby-progressbar (1.11.0)

PLATFORMS
  x86_64-darwin-19

DEPENDENCIES
  ruby-progressbar

BUNDLED WITH
   2.2.5
